PATH
  remote: .
  specs:
    redis-ui (0.0.1)
      json
      redis
      redis-namespace
      sinatra
      sinatra-respond_to

GEM
  remote: http://rubygems.org/
  specs:
    bacon (1.1.0)
    json (1.5.1)
    rack (1.3.0)
    redis (2.2.0)
    redis-namespace (1.0.3)
      redis (< 3.0.0)
    sinatra (1.2.6)
      rack (~> 1.1)
      tilt (>= 1.2.2, < 2.0)
    sinatra-respond_to (0.7.0)
      sinatra (~> 1.2)
    tilt (1.3.1)

PLATFORMS
  ruby

DEPENDENCIES
  bacon
  redis-ui!
